PATH
  remote: .
  specs:
    timequake (3.0.0)

GEM
  remote: https://rubygems.org/
  specs:

PLATFORMS
  ruby

DEPENDENCIES
  timequake!

BUNDLED WITH
   2.1.4
