PATH
  remote: .
  specs:
    timequake (3.3)

GEM
  remote: https://rubygems.org/
  specs:

PLATFORMS
  ruby

DEPENDENCIES
  timequake!

BUNDLED WITH
   2.1.4
